GIT
<<<<<<< HEAD
<<<<<<< HEAD
<<<<<<< HEAD
<<<<<<< HEAD
  remote: https://github.com/1instinct/spree.git
  revision: 6bda546328a300aff04591d89d40c7b3f4b02473
  branch: instinct-dna
  specs:
    spree (4.2.5)
      spree_api (= 4.2.5)
      spree_backend (= 4.2.5)
      spree_cmd (= 4.2.5)
      spree_core (= 4.2.5)
      spree_frontend (= 4.2.5)
      spree_sample (= 4.2.5)
    spree_api (4.2.5)
      doorkeeper (~> 5.2, >= 5.2.1)
      jsonapi-serializer (~> 2.1)
      rabl (~> 0.14, >= 0.14.2)
      spree_core (= 4.2.5)
    spree_backend (4.2.5)
      bootstrap (~> 4.0)
      flatpickr (~> 4.6)
      glyphicons (~> 1.0)
      inline_svg (~> 1.5)
      jquery-rails (~> 4.3)
      jquery-ui-rails (~> 6.0)
      select2-rails (~> 4.0)
      spree_api (= 4.2.5)
      spree_core (= 4.2.5)
    spree_cmd (4.2.5)
      thor (~> 1.0)
    spree_core (4.2.5)
      active_storage_validations (~> 0.9)
      activemerchant (~> 1.67)
      acts_as_list (>= 0.8)
      awesome_nested_set (~> 3.3, >= 3.3.1)
      cancancan (~> 3.2)
      carmen (>= 1.0)
      friendly_id (~> 5.2, >= 5.2.1)
      highline (~> 2.0)
      image_processing (~> 1.2)
      kaminari (~> 1.2)
      mini_magick (~> 4.9, >= 4.9.4)
      monetize (~> 1.9)
      money (~> 6.13)
      paranoia (~> 2.4)
      premailer-rails
      rails (>= 5.2, < 6.2)
      ransack (~> 2.3)
      responders
      rexml
      sprockets (~> 3.7)
      sprockets-rails
      state_machines-activemodel (~> 0.7)
      state_machines-activerecord (~> 0.6)
      stringex
      twitter_cldr (>= 4.3)
    spree_frontend (4.2.5)
      bootstrap (~> 4.0)
      canonical-rails (~> 0.2, >= 0.2.10)
      glyphicons (~> 1.0)
      inline_svg (~> 1.5)
      jquery-rails (~> 4.3)
      spree_api (= 4.2.5)
      spree_core (= 4.2.5)
      turbolinks (~> 5.2)
    spree_sample (4.2.5)
      ffaker (~> 2.9)
      spree_core (= 4.2.5)

GIT
  remote: https://github.com/Gaurav2728/spree-loyalty-points.git
  revision: e99d2ed4913fd52bed865a5c814fefec7d82a28f
  specs:
    spree_loyalty_points (1.2.1)
      spree_core (~> 4.2.5)

GIT
  remote: https://github.com/Gaurav2728/spree_reffiliate.git
  revision: f7ee16000c6f278a13f2c7ae9c98e0926fdeeec7
  specs:
    spree_reffiliate (3.2.0.alpha)
      spree_core (>= 3.2.0, <= 4.2.5)

GIT
  remote: https://github.com/spree-contrib/spree_digital.git
  revision: a4f6651164273ba4cd20b1642fafa52751804bc0
  specs:
    spree_digital (4.1.0)
=======
  remote: https://github.com/spree-contrib/spree_digital.git
  revision: 72d05307d183d17214aa1173e026caff3e48abb2
  specs:
    spree_digital (4.0.0)
>>>>>>> f36d818 (handle CORs (add pkg), add digital downloadable products, refactor app overrides, update schema version, add migrations)
      deface (~> 1.0)
      spree_api (>= 3.1.0, < 5.0)
      spree_backend (>= 3.1.0, < 5.0)
      spree_core (>= 3.1.0, < 5.0)
      spree_extension
      spree_frontend (>= 3.1.0, < 5.0)
<<<<<<< HEAD

GIT
<<<<<<< HEAD
  remote: https://github.com/spree-contrib/spree_static_content.git
  revision: d2205a3a48f85d0f4d65fcc38dccb887f920bd74
  specs:
    spree_static_content (4.2.0)
      deface (~> 1.5)
      spree_core (>= 3.7.0, < 5.0)
=======
=======
>>>>>>> f36d818 (handle CORs (add pkg), add digital downloadable products, refactor app overrides, update schema version, add migrations)
=======
  remote: git://github.com/joshmcarthur/spree-import-products.git
  revision: 2bcca17f140fd4b8fab200eaf0d6636b2476ea4d
  specs:
    import_products (1.0.1)
      delayed_job
      spree_core (>= 0.30.1)
=======
>>>>>>> b15e5aa (Dockerize dna admin)

GIT
>>>>>>> d640f63 (add in some new vendor code, tweak example envs, fux w db stuff)
  remote: https://github.com/spree-contrib/spree_static_content.git
  revision: 017b411b6d16964f84de519c9fa3e9f0b4a219b6
=======
  remote: https://github.com/spree-contrib/spree_digital.git
  revision: 0163cd1968eb3e828dba341683ca95d78f467d15
>>>>>>> 5800bef (regenerated lockfiles with bundler 2.0.2)
  specs:
    spree_digital (4.1.0)
      deface (~> 1.0)
      spree_api (>= 3.1.0, < 5.0)
      spree_backend (>= 3.1.0, < 5.0)
      spree_core (>= 3.1.0, < 5.0)
>>>>>>> aedbdaf (add TWILIO to env.example, add static_content extension, tweak README, redirect root to login, redirect after login to adminy)
      spree_extension
      spree_frontend (>= 3.1.0, < 5.0)

GIT
  remote: https://github.com/spree-contrib/spree_static_content.git
  revision: 68b6782c1fddbc9bea1cda9935f25a50f21920d6
  specs:
    spree_static_content (4.2.0)
      deface (~> 1.5)
      spree_core (>= 3.7.0, < 5.0)
      spree_extension

GIT
  remote: https://github.com/vinsol-spree-contrib/spree_promo_users_codes.git
  revision: 4ab5a3299d7f83eb7ebb06d5a76afd5a987d94be
  branch: master
  specs:
    spree_promo_users_codes (3.3.0)
      spree_core (>= 3.2.0, < 4.0.0)
      spree_extension (~> 0.0.5)

GIT
<<<<<<< HEAD
  remote: https://github.com/vinsol-spree-contrib/spree_promo_users_codes.git
  revision: 4ab5a3299d7f83eb7ebb06d5a76afd5a987d94be
  branch: master
  specs:
    spree_promo_users_codes (3.3.0)
      spree_core (>= 3.2.0, < 4.0.0)
      spree_extension (~> 0.0.5)
=======
  remote: https://github.com/vinsol-spree-contrib/spree_themes.git
  revision: 1af86f015f90280c78b98db85a104b4f753935f3
  branch: master
  specs:
    vinsol_spree_themes (0.0.1)
      rubyzip (~> 1.2.1)
      spree_core (>= 3.2.0, < 4.0)
      sprockets-helpers (~> 1.2.1)
      state_machine (~> 1.2.0)
>>>>>>> d640f63 (add in some new vendor code, tweak example envs, fux w db stuff)

GEM
  remote: https://rubygems.org/
  specs:
<<<<<<< HEAD
    actioncable (6.1.7.7)
      actionpack (= 6.1.7.7)
      activesupport (= 6.1.7.7)
      nio4r (~> 2.0)
      websocket-driver (>= 0.6.1)
    actionmailbox (6.1.7.7)
      actionpack (= 6.1.7.7)
      activejob (= 6.1.7.7)
      activerecord (= 6.1.7.7)
      activestorage (= 6.1.7.7)
      activesupport (= 6.1.7.7)
      mail (>= 2.7.1)
    actionmailer (6.1.7.7)
      actionpack (= 6.1.7.7)
      actionview (= 6.1.7.7)
      activejob (= 6.1.7.7)
      activesupport (= 6.1.7.7)
      mail (~> 2.5, >= 2.5.4)
      rails-dom-testing (~> 2.0)
    actionpack (6.1.7.7)
      actionview (= 6.1.7.7)
      activesupport (= 6.1.7.7)
      rack (~> 2.0, >= 2.0.9)
      rack-test (>= 0.6.3)
      rails-dom-testing (~> 2.0)
      rails-html-sanitizer (~> 1.0, >= 1.2.0)
    actiontext (6.1.7.7)
      actionpack (= 6.1.7.7)
      activerecord (= 6.1.7.7)
      activestorage (= 6.1.7.7)
      activesupport (= 6.1.7.7)
      nokogiri (>= 1.8.5)
    actionview (6.1.7.7)
      activesupport (= 6.1.7.7)
      builder (~> 3.1)
      erubi (~> 1.4)
      rails-dom-testing (~> 2.0)
      rails-html-sanitizer (~> 1.1, >= 1.2.0)
    active_storage_validations (0.9.8)
      activejob (>= 5.2.0)
      activemodel (>= 5.2.0)
      activestorage (>= 5.2.0)
      activesupport (>= 5.2.0)
    activejob (6.1.7.7)
      activesupport (= 6.1.7.7)
      globalid (>= 0.3.6)
<<<<<<< HEAD
    activemerchant (1.133.0)
=======
    activemerchant (1.96.0)
>>>>>>> be9f581 (bundle update)
=======
    actioncable (5.2.4.5)
      actionpack (= 5.2.4.5)
      nio4r (~> 2.0)
      websocket-driver (>= 0.6.1)
    actionmailer (5.2.4.5)
      actionpack (= 5.2.4.5)
      actionview (= 5.2.4.5)
      activejob (= 5.2.4.5)
      mail (~> 2.5, >= 2.5.4)
      rails-dom-testing (~> 2.0)
    actionpack (5.2.4.5)
      actionview (= 5.2.4.5)
      activesupport (= 5.2.4.5)
      rack (~> 2.0, >= 2.0.8)
      rack-test (>= 0.6.3)
      rails-dom-testing (~> 2.0)
      rails-html-sanitizer (~> 1.0, >= 1.0.2)
    actionview (5.2.4.5)
      activesupport (= 5.2.4.5)
      builder (~> 3.1)
      erubi (~> 1.4)
      rails-dom-testing (~> 2.0)
      rails-html-sanitizer (~> 1.0, >= 1.0.3)
    activejob (5.2.4.5)
      activesupport (= 5.2.4.5)
      globalid (>= 0.3.6)
    activemerchant (1.119.0)
>>>>>>> 5800bef (regenerated lockfiles with bundler 2.0.2)
      activesupport (>= 4.2)
      builder (>= 2.1.2, < 4.0.0)
      i18n (>= 0.6.9)
      nokogiri (~> 1.4)
<<<<<<< HEAD
      rexml (~> 3.2.5)
    activemodel (6.1.7.7)
      activesupport (= 6.1.7.7)
    activerecord (6.1.7.7)
      activemodel (= 6.1.7.7)
      activesupport (= 6.1.7.7)
    activestorage (6.1.7.7)
      actionpack (= 6.1.7.7)
      activejob (= 6.1.7.7)
      activerecord (= 6.1.7.7)
      activesupport (= 6.1.7.7)
      marcel (~> 1.0)
      mini_mime (>= 1.1.0)
    activesupport (6.1.7.7)
      concurrent-ruby (~> 1.0, >= 1.0.2)
      i18n (>= 1.6, < 2)
      minitest (>= 5.1)
      tzinfo (~> 2.0)
      zeitwerk (~> 2.3)
    acts_as_list (1.1.0)
      activerecord (>= 4.2)
    addressable (2.8.6)
      public_suffix (>= 2.0.2, < 6.0)
=======
    activemodel (5.2.4.5)
      activesupport (= 5.2.4.5)
    activerecord (5.2.4.5)
      activemodel (= 5.2.4.5)
      activesupport (= 5.2.4.5)
      arel (>= 9.0)
    activestorage (5.2.4.5)
      actionpack (= 5.2.4.5)
      activerecord (= 5.2.4.5)
      marcel (~> 0.3.1)
    activesupport (5.2.4.5)
      concurrent-ruby (~> 1.0, >= 1.0.2)
      i18n (>= 0.7, < 2)
      minitest (~> 5.1)
      tzinfo (~> 1.1)
    acts-as-taggable-on (6.0.0)
      activerecord (~> 5.0)
    acts_as_list (0.9.19)
      activerecord (>= 3.0)
    addressable (2.7.0)
      public_suffix (>= 2.0.2, < 5.0)
>>>>>>> 5800bef (regenerated lockfiles with bundler 2.0.2)
    archive-zip (0.12.0)
      io-like (~> 0.3.0)
<<<<<<< HEAD
    autoprefixer-rails (10.4.16.0)
      execjs (~> 2)
    awesome_nested_set (3.6.0)
      activerecord (>= 4.0.0, < 7.2)
    aws-eventstream (1.3.0)
    aws-partitions (1.918.0)
    aws-sdk-core (3.192.1)
      aws-eventstream (~> 1, >= 1.3.0)
      aws-partitions (~> 1, >= 1.651.0)
      aws-sigv4 (~> 1.8)
      jmespath (~> 1, >= 1.6.1)
    aws-sdk-kms (1.79.0)
      aws-sdk-core (~> 3, >= 3.191.0)
      aws-sigv4 (~> 1.1)
    aws-sdk-s3 (1.147.0)
      aws-sdk-core (~> 3, >= 3.192.0)
      aws-sdk-kms (~> 1)
      aws-sigv4 (~> 1.8)
    aws-sigv4 (1.8.0)
      aws-eventstream (~> 1, >= 1.0.2)
    base64 (0.2.0)
    bcrypt (3.1.20)
    bindex (0.8.1)
    bootsnap (1.8.1)
=======
    arel (9.0.0)
    autoprefixer-rails (10.2.4.0)
      execjs
    awesome_nested_set (3.2.1)
      activerecord (>= 4.0.0, < 7.0)
    aws-eventstream (1.1.0)
    aws-partitions (1.429.0)
    aws-sdk-core (3.112.0)
      aws-eventstream (~> 1, >= 1.0.2)
      aws-partitions (~> 1, >= 1.239.0)
      aws-sigv4 (~> 1.1)
      jmespath (~> 1.0)
    aws-sdk-kms (1.42.0)
      aws-sdk-core (~> 3, >= 3.112.0)
      aws-sigv4 (~> 1.1)
    aws-sdk-s3 (1.88.1)
      aws-sdk-core (~> 3, >= 3.112.0)
      aws-sdk-kms (~> 1)
      aws-sigv4 (~> 1.1)
    aws-sigv4 (1.2.2)
      aws-eventstream (~> 1, >= 1.0.2)
    bcrypt (3.1.16)
    bindex (0.8.1)
<<<<<<< HEAD
    bootsnap (1.4.4)
>>>>>>> be9f581 (bundle update)
      msgpack (~> 1.0)
    bootstrap (4.6.2)
      autoprefixer-rails (>= 9.1.0)
      popper_js (>= 1.16.1, < 2)
      sassc-rails (>= 2.0.0)
=======
    bootsnap (1.7.2)
      msgpack (~> 1.0)
    bootstrap-sass (3.4.1)
      autoprefixer-rails (>= 5.2.1)
      sassc (>= 2.0.0)
>>>>>>> 5800bef (regenerated lockfiles with bundler 2.0.2)
    builder (3.2.4)
    byebug (11.1.3)
    camertron-eprun (1.1.1)
<<<<<<< HEAD
    cancancan (3.5.0)
    canonical-rails (0.2.15)
      actionview (>= 4.1, <= 7.2)
    capybara (3.39.2)
=======
    cancancan (2.3.0)
<<<<<<< HEAD
    canonical-rails (0.2.6)
      rails (>= 4.1, < 6.1)
    capybara (3.27.0)
>>>>>>> be9f581 (bundle update)
=======
    canonical-rails (0.2.11)
      rails (>= 4.1, < 6.2)
    capybara (3.35.3)
>>>>>>> 5800bef (regenerated lockfiles with bundler 2.0.2)
      addressable
      matrix
      mini_mime (>= 0.1.3)
      nokogiri (~> 1.8)
      rack (>= 1.6.0)
      rack-test (>= 0.6.3)
<<<<<<< HEAD
<<<<<<< HEAD
      regexp_parser (>= 1.5, < 3.0)
=======
      regexp_parser (~> 1.5)
>>>>>>> be9f581 (bundle update)
=======
      regexp_parser (>= 1.5, < 3.0)
>>>>>>> 5800bef (regenerated lockfiles with bundler 2.0.2)
      xpath (~> 3.2)
    carmen (1.1.3)
      activesupport (>= 3.0.0)
<<<<<<< HEAD
=======
    childprocess (3.0.0)
>>>>>>> 5800bef (regenerated lockfiles with bundler 2.0.2)
    chromedriver-helper (2.1.1)
      archive-zip (~> 0.10)
      nokogiri (~> 1.8)
    cldr-plurals-runtime-rb (1.1.0)
<<<<<<< HEAD
=======
    climate_control (0.2.0)
>>>>>>> 5800bef (regenerated lockfiles with bundler 2.0.2)
    coffee-rails (4.2.2)
      coffee-script (>= 2.2.0)
      railties (>= 4.0.0)
    coffee-script (2.4.1)
      coffee-script-source
      execjs
    coffee-script-source (1.12.2)
<<<<<<< HEAD
    concurrent-ruby (1.2.3)
    crass (1.0.6)
    css_parser (1.17.1)
      addressable
<<<<<<< HEAD
    date (3.3.4)
    deface (1.9.0)
      actionview (>= 5.2)
=======
    deface (1.5.0)
>>>>>>> be9f581 (bundle update)
      nokogiri (>= 1.6)
      polyglot
      railties (>= 5.2)
=======
    concurrent-ruby (1.1.8)
    crass (1.0.6)
    css_parser (1.9.0)
      addressable
    deface (1.7.0)
      nokogiri (>= 1.6)
      polyglot
      rails (>= 5.2)
>>>>>>> 5800bef (regenerated lockfiles with bundler 2.0.2)
      rainbow (>= 2.1.0)
<<<<<<< HEAD
<<<<<<< HEAD
<<<<<<< HEAD
<<<<<<< HEAD
    devise (4.9.4)
      bcrypt (~> 3.0)
      orm_adapter (~> 0.1)
      railties (>= 4.1.0)
=======
=======
    delayed_job (4.1.8)
      activesupport (>= 3.0, < 6.1)
>>>>>>> d640f63 (add in some new vendor code, tweak example envs, fux w db stuff)
=======
>>>>>>> b15e5aa (Dockerize dna admin)
    devise (4.6.2)
      bcrypt (~> 3.0)
      orm_adapter (~> 0.1)
      railties (>= 4.1.0, < 6.0)
>>>>>>> 3c167ce (get devise back in there, but remove the older api routes)
      responders
      warden (~> 1.2.3)
    devise-encryptable (0.2.0)
      devise (>= 2.1.0)
<<<<<<< HEAD
<<<<<<< HEAD
<<<<<<< HEAD
    domain_name (0.6.20240107)
    doorkeeper (5.7.0)
      railties (>= 5)
    dotenv (2.8.1)
    dotenv-rails (2.8.1)
      dotenv (= 2.8.1)
      railties (>= 3.2)
    erubi (1.12.0)
    execjs (2.9.1)
    factory_bot (6.4.5)
      activesupport (>= 5.0.0)
    factory_bot_rails (6.4.3)
      factory_bot (~> 6.4)
      railties (>= 5.0.0)
    faker (3.3.1)
      i18n (>= 1.8.11, < 2)
    ffaker (2.21.0)
    ffi (1.16.3)
    flatpickr (4.6.13.1)
    friendly_id (5.5.1)
=======
    domain_name (0.5.20180417)
=======
=======
>>>>>>> 0e60b1a (try removing spree_auth_devise, may be unnecessary)
=======
>>>>>>> 3c167ce (get devise back in there, but remove the older api routes)
    domain_name (0.5.20190701)
>>>>>>> be9f581 (bundle update)
      unf (>= 0.0.5, < 1.0.0)
    doorkeeper (5.5.0)
      railties (>= 5)
    dotenv (2.7.6)
    dotenv-rails (2.7.6)
      dotenv (= 2.7.6)
      railties (>= 3.2)
    erubi (1.10.0)
    execjs (2.7.0)
    fast_jsonapi (1.5)
      activesupport (>= 4.2)
    ffaker (2.18.0)
    ffi (1.14.2)
    friendly_id (5.2.5)
>>>>>>> 0b8dd08 (chat screens and internal request to dna api)
      activerecord (>= 4.0.0)
<<<<<<< HEAD
    globalid (1.2.1)
      activesupport (>= 6.1)
    glyphicons (1.0.2)
    haml (6.3.0)
      temple (>= 0.8.2)
      thor
      tilt
    highline (2.1.0)
    htmlentities (4.3.4)
<<<<<<< HEAD
    http-accept (1.7.0)
    http-cookie (1.0.5)
      domain_name (~> 0.5)
    i18n (1.14.4)
=======
    http-cookie (1.0.3)
      domain_name (~> 0.5)
    i18n (1.6.0)
>>>>>>> 0b8dd08 (chat screens and internal request to dna api)
      concurrent-ruby (~> 1.0)
<<<<<<< HEAD
    image_processing (1.12.2)
      mini_magick (>= 4.9.5, < 5)
      ruby-vips (>= 2.0.17, < 3)
    inline_svg (1.9.0)
      activesupport (>= 3.0)
      nokogiri (>= 1.6)
    io-like (0.3.1)
    jbuilder (2.11.5)
      actionview (>= 5.0.0)
      activesupport (>= 5.0.0)
    jmespath (1.6.2)
    jquery-rails (4.6.0)
=======
    io-like (0.3.0)
    jbuilder (2.9.1)
      activesupport (>= 4.2.0)
    jmespath (1.4.0)
    jquery-rails (4.3.5)
>>>>>>> be9f581 (bundle update)
=======
    globalid (0.4.2)
      activesupport (>= 4.2.0)
    highline (2.0.3)
    htmlentities (4.3.4)
    http-accept (1.7.0)
    http-cookie (1.0.3)
      domain_name (~> 0.5)
    i18n (1.8.9)
      concurrent-ruby (~> 1.0)
    io-like (0.3.1)
    jbuilder (2.11.2)
      activesupport (>= 5.0.0)
    jmespath (1.4.0)
    jquery-rails (4.4.0)
>>>>>>> 5800bef (regenerated lockfiles with bundler 2.0.2)
      rails-dom-testing (>= 1, < 3)
      railties (>= 4.2.0)
      thor (>= 0.14, < 2.0)
    jquery-ui-rails (6.0.1)
      railties (>= 3.2.16)
    jsonapi-serializer (2.2.0)
      activesupport (>= 4.2)
    kaminari (1.2.2)
      activesupport (>= 4.1.0)
      kaminari-actionview (= 1.2.2)
      kaminari-activerecord (= 1.2.2)
      kaminari-core (= 1.2.2)
    kaminari-actionview (1.2.2)
      actionview
      kaminari-core (= 1.2.2)
    kaminari-activerecord (1.2.2)
      activerecord
      kaminari-core (= 1.2.2)
    kaminari-core (1.2.2)
    listen (3.1.5)
      rb-fsevent (~> 0.9, >= 0.9.4)
      rb-inotify (~> 0.9, >= 0.9.7)
      ruby_dep (~> 1.2)
<<<<<<< HEAD
    loofah (2.22.0)
=======
    loofah (2.9.0)
>>>>>>> 5800bef (regenerated lockfiles with bundler 2.0.2)
      crass (~> 1.0.2)
      nokogiri (>= 1.12.0)
    mail (2.8.1)
      mini_mime (>= 0.1.1)
<<<<<<< HEAD
      net-imap
      net-pop
      net-smtp
    marcel (1.0.4)
    matrix (0.4.2)
    method_source (1.1.0)
    mime-types (3.5.2)
      mime-types-data (~> 3.2015)
<<<<<<< HEAD
    mime-types-data (3.2024.0305)
    mini_magick (4.12.0)
    mini_mime (1.1.5)
    mini_portile2 (2.8.6)
    minitest (5.22.3)
    monetize (1.13.0)
      money (~> 6.12)
    money (6.19.0)
      i18n (>= 0.6.4, <= 2)
<<<<<<< HEAD
    msgpack (1.7.2)
    net-imap (0.3.7)
      date
      net-protocol
    net-pop (0.1.2)
      net-protocol
    net-protocol (0.2.2)
      timeout
    net-smtp (0.5.0)
      net-protocol
    netrc (0.11.0)
    nio4r (2.7.1)
    nokogiri (1.15.6)
      mini_portile2 (~> 2.8.2)
      racc (~> 1.4)
    nokogiri (1.15.6-arm64-darwin)
      racc (~> 1.4)
    nokogiri (1.15.6-x86_64-linux)
      racc (~> 1.4)
=======
    msgpack (1.2.10)
    msgpack (1.2.10-java)
    msgpack (1.2.10-x64-mingw32)
    msgpack (1.2.10-x86-mingw32)
=======
    mime-types-data (3.2019.0331)
    mimemagic (0.3.3)
    mini_magick (4.8.0)
=======
    marcel (0.3.3)
      mimemagic (~> 0.3.2)
    method_source (1.0.0)
    mime-types (3.3.1)
      mime-types-data (~> 3.2015)
    mime-types-data (3.2021.0212)
    mimemagic (0.3.5)
    mini_magick (4.9.5)
>>>>>>> 5800bef (regenerated lockfiles with bundler 2.0.2)
    mini_mime (1.0.2)
    mini_portile2 (2.5.0)
    minitest (5.14.4)
    monetize (1.10.0)
      money (~> 6.12)
    money (6.14.0)
      i18n (>= 0.6.4, <= 2)
<<<<<<< HEAD
    msgpack (1.3.0)
    msgpack (1.3.0-java)
    msgpack (1.3.0-x64-mingw32)
    msgpack (1.3.0-x86-mingw32)
>>>>>>> be9f581 (bundle update)
    netrc (0.11.0)
    nio4r (2.4.0)
    nio4r (2.4.0-java)
    nokogiri (1.10.3)
      mini_portile2 (~> 2.4.0)
    nokogiri (1.10.3-java)
    nokogiri (1.10.3-x64-mingw32)
      mini_portile2 (~> 2.4.0)
    nokogiri (1.10.3-x86-mingw32)
      mini_portile2 (~> 2.4.0)
<<<<<<< HEAD
<<<<<<< HEAD
>>>>>>> 0b8dd08 (chat screens and internal request to dna api)
=======
    msgpack (1.4.2)
    netrc (0.11.0)
    nio4r (2.5.5)
    nokogiri (1.11.1)
      mini_portile2 (~> 2.5.0)
      racc (~> 1.4)
>>>>>>> 5800bef (regenerated lockfiles with bundler 2.0.2)
    orm_adapter (0.5.0)
    paranoia (2.6.3)
      activerecord (>= 5.1, < 7.2)
    pg (1.5.6)
=======
=======
    orm_adapter (0.5.0)
>>>>>>> 3c167ce (get devise back in there, but remove the older api routes)
    paperclip (6.1.0)
      activemodel (>= 4.2.0)
      activesupport (>= 4.2.0)
      mime-types
      mimemagic (~> 0.3.0)
      terrapin (~> 0.6.0)
<<<<<<< HEAD
    paranoia (2.4.2)
      activerecord (>= 4.0, < 6.1)
    pg (1.1.4)
    pg (1.1.4-x64-mingw32)
    pg (1.1.4-x86-mingw32)
>>>>>>> 0e60b1a (try removing spree_auth_devise, may be unnecessary)
    polyglot (0.3.5)
    popper_js (1.16.1)
    premailer (1.22.0)
=======
    paranoia (2.4.3)
      activerecord (>= 4.0, < 6.2)
    pg (1.2.3)
    polyglot (0.3.5)
    premailer (1.14.2)
>>>>>>> 5800bef (regenerated lockfiles with bundler 2.0.2)
      addressable
      css_parser (>= 1.12.0)
      htmlentities (>= 4.0.0)
<<<<<<< HEAD
<<<<<<< HEAD
    premailer-rails (1.12.0)
      actionmailer (>= 3)
      net-smtp
      premailer (~> 1.7, >= 1.7.9)
    prettier (4.0.4)
      syntax_tree (>= 4.0.1)
      syntax_tree-haml (>= 2.0.0)
      syntax_tree-rbs (>= 0.2.0)
    prettier_print (1.2.1)
    public_suffix (5.0.5)
    puma (4.3.12)
      nio4r (~> 2.0)
    rabl (0.16.1)
=======
    premailer-rails (1.10.3)
=======
    premailer-rails (1.11.1)
>>>>>>> 5800bef (regenerated lockfiles with bundler 2.0.2)
      actionmailer (>= 3)
      premailer (~> 1.7, >= 1.7.9)
    prettier (1.5.2)
    public_suffix (4.0.6)
    puma (3.12.6)
    rabl (0.13.1)
>>>>>>> be9f581 (bundle update)
      activesupport (>= 2.3.14)
<<<<<<< HEAD
<<<<<<< HEAD
    racc (1.7.3)
    rack (2.2.9)
    rack-cors (2.0.2)
      rack (>= 2.0.0)
    rack-test (2.1.0)
      rack (>= 1.3)
    rails (6.1.7.7)
      actioncable (= 6.1.7.7)
      actionmailbox (= 6.1.7.7)
      actionmailer (= 6.1.7.7)
      actionpack (= 6.1.7.7)
      actiontext (= 6.1.7.7)
      actionview (= 6.1.7.7)
      activejob (= 6.1.7.7)
      activemodel (= 6.1.7.7)
      activerecord (= 6.1.7.7)
      activestorage (= 6.1.7.7)
      activesupport (= 6.1.7.7)
      bundler (>= 1.15.0)
      railties (= 6.1.7.7)
=======
    rack (2.0.7)
<<<<<<< HEAD
    rack-cors (1.0.3)
=======
=======
    racc (1.5.2)
    rack (2.2.3)
>>>>>>> 5800bef (regenerated lockfiles with bundler 2.0.2)
    rack-cors (1.1.1)
      rack (>= 2.0.0)
>>>>>>> 5fdf3ea (Add cors initializer)
    rack-test (1.1.0)
      rack (>= 1.0, < 3)
    rails (5.2.4.5)
      actioncable (= 5.2.4.5)
      actionmailer (= 5.2.4.5)
      actionpack (= 5.2.4.5)
      actionview (= 5.2.4.5)
      activejob (= 5.2.4.5)
      activemodel (= 5.2.4.5)
      activerecord (= 5.2.4.5)
      activestorage (= 5.2.4.5)
      activesupport (= 5.2.4.5)
      bundler (>= 1.3.0)
<<<<<<< HEAD
      railties (= 5.2.3)
>>>>>>> f36d818 (handle CORs (add pkg), add digital downloadable products, refactor app overrides, update schema version, add migrations)
=======
      railties (= 5.2.4.5)
>>>>>>> 5800bef (regenerated lockfiles with bundler 2.0.2)
      sprockets-rails (>= 2.0.0)
    rails-dom-testing (2.2.0)
      activesupport (>= 5.0.0)
      minitest
      nokogiri (>= 1.6)
<<<<<<< HEAD
    rails-html-sanitizer (1.6.0)
      loofah (~> 2.21)
      nokogiri (~> 1.14)
    railties (6.1.7.7)
      actionpack (= 6.1.7.7)
      activesupport (= 6.1.7.7)
=======
    rails-html-sanitizer (1.3.0)
      loofah (~> 2.3)
    railties (5.2.4.5)
      actionpack (= 5.2.4.5)
      activesupport (= 5.2.4.5)
>>>>>>> 5800bef (regenerated lockfiles with bundler 2.0.2)
      method_source
<<<<<<< HEAD
      rake (>= 12.2)
      thor (~> 1.0)
    rainbow (3.1.1)
    rake (13.2.1)
    ransack (2.6.0)
      activerecord (>= 6.0.4)
      activesupport (>= 6.0.4)
=======
      rake (>= 0.8.7)
      thor (>= 0.19.0, < 2.0)
    rainbow (3.0.0)
    rake (13.0.3)
    ransack (2.1.1)
      actionpack (>= 5.0)
      activerecord (>= 5.0)
      activesupport (>= 5.0)
>>>>>>> be9f581 (bundle update)
      i18n
<<<<<<< HEAD
    rb-fsevent (0.11.2)
    rb-inotify (0.10.1)
      ffi (~> 1.0)
<<<<<<< HEAD
<<<<<<< HEAD
    rbs (3.1.3)
    regexp_parser (2.9.0)
    responders (3.1.1)
      actionpack (>= 5.2)
      railties (>= 5.2)
    rest-client (2.1.0)
      http-accept (>= 1.7.0, < 2.0)
      http-cookie (>= 1.0.2, < 2.0)
      mime-types (>= 1.16, < 4.0)
      netrc (~> 0.8)
    rexml (3.2.6)
    ruby-vips (2.2.1)
      ffi (~> 1.12)
=======
    regexp_parser (1.5.0)
    responders (2.4.1)
      actionpack (>= 4.2.0, < 6.0)
      railties (>= 4.2.0, < 6.0)
=======
    regexp_parser (1.6.0)
    responders (3.0.0)
      actionpack (>= 5.0)
      railties (>= 5.0)
>>>>>>> be9f581 (bundle update)
    rest-client (2.0.2)
      http-cookie (>= 1.0.2, < 2.0)
      mime-types (>= 1.16, < 4.0)
      netrc (~> 0.8)
    rest-client (2.0.2-x64-mingw32)
      ffi (~> 1.9)
      http-cookie (>= 1.0.2, < 2.0)
      mime-types (>= 1.16, < 4.0)
      netrc (~> 0.8)
    rest-client (2.0.2-x86-mingw32)
      ffi (~> 1.9)
      http-cookie (>= 1.0.2, < 2.0)
      mime-types (>= 1.16, < 4.0)
      netrc (~> 0.8)
    rest-client (2.0.2-x86-mswin32)
      ffi (~> 1.9)
=======
    rb-fsevent (0.10.4)
    rb-inotify (0.10.1)
      ffi (~> 1.0)
    regexp_parser (2.1.1)
    responders (3.0.1)
      actionpack (>= 5.0)
      railties (>= 5.0)
    rest-client (2.1.0)
      http-accept (>= 1.7.0, < 2.0)
>>>>>>> 5800bef (regenerated lockfiles with bundler 2.0.2)
      http-cookie (>= 1.0.2, < 2.0)
      mime-types (>= 1.16, < 4.0)
      netrc (~> 0.8)
>>>>>>> 0b8dd08 (chat screens and internal request to dna api)
    ruby_dep (1.5.0)
<<<<<<< HEAD
<<<<<<< HEAD
    rubyzip (2.3.2)
=======
    rubyzip (1.2.3)
>>>>>>> be9f581 (bundle update)
=======
    rubyzip (2.3.0)
>>>>>>> 5800bef (regenerated lockfiles with bundler 2.0.2)
    sass (3.7.4)
      sass-listen (~> 4.0.0)
    sass-listen (4.0.0)
      rb-fsevent (~> 0.9, >= 0.9.4)
      rb-inotify (~> 0.9, >= 0.9.7)
    sass-rails (5.1.0)
      railties (>= 5.2.0)
      sass (~> 3.1)
      sprockets (>= 2.8, < 4.0)
      sprockets-rails (>= 2.0, < 4.0)
      tilt (>= 1.1, < 3)
    sassc (2.4.0)
      ffi (~> 1.9)
<<<<<<< HEAD
<<<<<<< HEAD
    sassc-rails (2.1.2)
      railties (>= 4.0.0)
      sassc (>= 2.0)
      sprockets (> 3.0)
=======
      rake
=======
>>>>>>> 5800bef (regenerated lockfiles with bundler 2.0.2)
    select2-rails (3.5.9.1)
      thor (~> 0.14)
    selenium-webdriver (3.142.7)
      childprocess (>= 0.5, < 4.0)
      rubyzip (>= 1.2.2)
    spree (3.7.13)
      spree_api (= 3.7.13)
      spree_backend (= 3.7.13)
      spree_cmd (= 3.7.13)
      spree_core (= 3.7.13)
      spree_frontend (= 3.7.13)
      spree_sample (= 3.7.13)
    spree_api (3.7.13)
      doorkeeper (~> 5.0)
      fast_jsonapi (~> 1.5)
      rabl (~> 0.13.1)
      spree_core (= 3.7.13)
      versioncake (~> 3.4.0)
    spree_auth_devise (3.5.2)
      devise (>= 4.4, < 4.7)
      devise-encryptable (= 0.2.0)
      spree_core (>= 3.1.0, < 4.0)
      spree_extension
    spree_backend (3.7.13)
      bootstrap-sass (~> 3.4)
      jquery-rails (~> 4.3)
      jquery-ui-rails (~> 6.0.1)
      select2-rails (= 3.5.9.1)
      spree_api (= 3.7.13)
      spree_core (= 3.7.13)
    spree_cmd (3.7.13)
      thor (~> 0.14)
    spree_core (3.7.13)
      activemerchant (~> 1.67)
      acts-as-taggable-on (~> 6.0.0)
      acts_as_list (~> 0.8)
      awesome_nested_set (~> 3.2.0)
      cancancan (~> 2.0)
      carmen (~> 1.0.0)
      deface (~> 1.0)
      ffaker (~> 2.9)
      friendly_id (~> 5.2.1)
      highline (~> 2.0.0)
      kaminari (~> 1.0.1)
      mini_magick (~> 4.9.4)
      monetize (~> 1.9)
      money (~> 6.13)
      paperclip (~> 6.1.0)
      paranoia (~> 2.4.1)
      premailer-rails
      rails (~> 5.2.4, >= 5.2.4)
      ransack (~> 2.1.1)
      responders
<<<<<<< HEAD
>>>>>>> be9f581 (bundle update)
=======
      sprockets (~> 3.7)
>>>>>>> 5800bef (regenerated lockfiles with bundler 2.0.2)
      sprockets-rails
      tilt
    select2-rails (4.0.13)
    selenium-webdriver (4.9.0)
      rexml (~> 3.2, >= 3.2.5)
      rubyzip (>= 1.2.2, < 3.0)
      websocket (~> 1.0)
    spree_auth_devise (4.3.4)
      devise (~> 4.7)
      devise-encryptable (= 0.2.0)
      spree_core (>= 4.1, < 5.0)
      spree_extension
    spree_extension (0.1.0)
      activerecord (>= 4.2)
      spree_core
<<<<<<< HEAD
    spree_gateway (3.10.0)
      spree_core (>= 3.7.0)
      spree_extension
<<<<<<< HEAD
    spring (2.1.1)
=======
    spree_sample (3.7.3)
      spree_core (= 3.7.3)
    spring (2.1.0)
>>>>>>> be9f581 (bundle update)
=======
    spree_frontend (3.7.13)
      bootstrap-sass (~> 3.4)
      canonical-rails (~> 0.2.3)
      jquery-rails (~> 4.3)
      spree_api (= 3.7.13)
      spree_core (= 3.7.13)
    spree_gateway (3.9.3)
      spree_core (>= 3.7.0, < 5.0)
      spree_extension
    spree_sample (3.7.13)
      spree_core (= 3.7.13)
    spring (2.1.1)
>>>>>>> 5800bef (regenerated lockfiles with bundler 2.0.2)
    spring-watcher-listen (2.0.1)
      listen (>= 2.7, < 4.0)
      spring (>= 1.2, < 3.0)
    sprockets (3.7.3)
      base64
      concurrent-ruby (~> 1.0)
      rack (> 1, < 3)
    sprockets-helpers (1.2.3)
      sprockets (>= 2.2)
<<<<<<< HEAD
<<<<<<< HEAD
    sprockets-rails (3.4.2)
      actionpack (>= 5.2)
      activesupport (>= 5.2)
=======
    sprockets-rails (3.2.1)
=======
    sprockets-rails (3.2.2)
>>>>>>> 5800bef (regenerated lockfiles with bundler 2.0.2)
      actionpack (>= 4.0)
      activesupport (>= 4.0)
>>>>>>> d640f63 (add in some new vendor code, tweak example envs, fux w db stuff)
      sprockets (>= 3.0.0)
    state_machines (0.5.0)
    state_machines-activemodel (0.8.0)
      activemodel (>= 5.1)
      state_machines (>= 0.5.0)
    state_machines-activerecord (0.8.0)
      activerecord (>= 5.1)
      state_machines-activemodel (>= 0.8.0)
<<<<<<< HEAD
    stringex (2.8.6)
    swagger-blocks (3.0.0)
    syntax_tree (6.2.0)
      prettier_print (>= 1.2.0)
    syntax_tree-haml (4.0.3)
      haml (>= 5.2)
      prettier_print (>= 1.2.1)
      syntax_tree (>= 6.0.0)
    syntax_tree-rbs (1.0.0)
      prettier_print
      rbs
      syntax_tree (>= 2.0.1)
    temple (0.10.3)
    thor (1.3.1)
    tilt (2.3.0)
    timeout (0.4.1)
    turbolinks (5.2.1)
      turbolinks-source (~> 5.2)
    turbolinks-source (5.2.0)
    twitter_cldr (6.12.0)
=======
    stringex (2.8.5)
    terrapin (0.6.0)
      climate_control (>= 0.0.3, < 1.0)
    thor (0.20.3)
    thread_safe (0.3.6)
    tilt (2.0.10)
    turbolinks (5.2.1)
      turbolinks-source (~> 5.2)
    turbolinks-source (5.2.0)
    twitter_cldr (4.4.5)
>>>>>>> 5800bef (regenerated lockfiles with bundler 2.0.2)
      camertron-eprun
      cldr-plurals-runtime-rb (~> 1.1)
      tzinfo
<<<<<<< HEAD
<<<<<<< HEAD
    tzinfo (2.0.6)
      concurrent-ruby (~> 1.0)
    uglifier (4.2.0)
=======
    tzinfo (1.2.5)
      thread_safe (~> 0.1)
    uglifier (4.1.20)
>>>>>>> 97b861c (removing tz info gem)
=======
    tzinfo (1.2.9)
      thread_safe (~> 0.1)
    uglifier (4.2.0)
>>>>>>> 5800bef (regenerated lockfiles with bundler 2.0.2)
      execjs (>= 0.3.0, < 3)
<<<<<<< HEAD
    warden (1.2.9)
      rack (>= 2.0.9)
    web-console (4.2.1)
      actionview (>= 6.0.0)
      activemodel (>= 6.0.0)
=======
    unf (0.1.4)
      unf_ext
    unf_ext (0.0.7.7)
    versioncake (3.4.0)
      actionpack (>= 3.2)
      activesupport (>= 3.2)
      railties (>= 3.2)
      tzinfo
    warden (1.2.9)
      rack (>= 2.0.9)
    web-console (3.7.0)
      actionview (>= 5.0)
      activemodel (>= 5.0)
>>>>>>> 0b8dd08 (chat screens and internal request to dna api)
      bindex (>= 0.4.0)
<<<<<<< HEAD
      railties (>= 6.0.0)
    websocket (1.2.10)
    websocket-driver (0.7.6)
      websocket-extensions (>= 0.1.0)
    websocket-extensions (0.1.5)
=======
      railties (>= 5.0)
    websocket-driver (0.7.3)
      websocket-extensions (>= 0.1.0)
<<<<<<< HEAD
    websocket-driver (0.7.1-java)
      websocket-extensions (>= 0.1.0)
    websocket-extensions (0.1.4)
>>>>>>> be9f581 (bundle update)
=======
    websocket-extensions (0.1.5)
>>>>>>> 5800bef (regenerated lockfiles with bundler 2.0.2)
    xpath (3.2.0)
      nokogiri (~> 1.8)
    zeitwerk (2.6.13)

PLATFORMS
<<<<<<< HEAD
  arm64-darwin-21
  ruby
  x86_64-linux
  x86_64-darwin-19
=======
  ruby
>>>>>>> 5800bef (regenerated lockfiles with bundler 2.0.2)

DEPENDENCIES
  aws-sdk-s3
  bootsnap (~> 1.8.1)
  byebug
  capybara (>= 2.15)
  chromedriver-helper
  coffee-rails (~> 4.2)
  dotenv-rails
<<<<<<< HEAD
<<<<<<< HEAD
  factory_bot_rails
  faker
=======
  import_products!
>>>>>>> d640f63 (add in some new vendor code, tweak example envs, fux w db stuff)
=======
>>>>>>> b15e5aa (Dockerize dna admin)
  jbuilder (~> 2.5)
  listen (>= 3.0.5, < 3.2)
  pg
  prettier
<<<<<<< HEAD
  puma (~> 4.3)
  rack-cors
  rails (~> 6.1.3)
=======
  puma (~> 3.11)
  rack-cors
  rails (~> 5.2.2)
>>>>>>> 0b8dd08 (chat screens and internal request to dna api)
  rest-client
  sass-rails (~> 5.0)
  selenium-webdriver
<<<<<<< HEAD
<<<<<<< HEAD
<<<<<<< HEAD
<<<<<<< HEAD
  spree!
  spree_auth_devise (~> 4.3)
  spree_digital!
  spree_gateway (~> 3.9)
  spree_loyalty_points!
  spree_reffiliate!
=======
  spree (~> 3.7)
=======
  spree (~> 3.7.0)
>>>>>>> 739777e (bump spree version to try to solve https://github.com/spree/spree/issues/8616)
=======
  spree (~> 3.7.3)
>>>>>>> dbc674d (bump spree version again, this time to 3.7.3 explicitly)
=======
  spree (~> 3.7)
>>>>>>> db57f19 (rename store_controller >> store_controller_decorator)
  spree_auth_devise (~> 3.5)
  spree_digital!
  spree_gateway (~> 3.4)
<<<<<<< HEAD
<<<<<<< HEAD
>>>>>>> aedbdaf (add TWILIO to env.example, add static_content extension, tweak README, redirect root to login, redirect after login to adminy)
=======
  spree_promo_users_codes!
>>>>>>> 3f5a283 (add Messages to schema (again?), add vinsol spree-promo-users-codes)
=======
  spree_promo_users_codes!
>>>>>>> 5800bef (regenerated lockfiles with bundler 2.0.2)
  spree_static_content!
  spring
  spring-watcher-listen (~> 2.0.0)
  sprockets-helpers (~> 1.2.1)
<<<<<<< HEAD
<<<<<<< HEAD
  swagger-blocks
=======
>>>>>>> d640f63 (add in some new vendor code, tweak example envs, fux w db stuff)
=======
>>>>>>> 5800bef (regenerated lockfiles with bundler 2.0.2)
  turbolinks (~> 5)
  uglifier (>= 1.3.0)
  web-console (>= 3.3.0)

RUBY VERSION
   ruby 2.7.2p137

BUNDLED WITH
<<<<<<< HEAD
<<<<<<< HEAD
<<<<<<< HEAD
   2.2.11
=======
   2.0.2
>>>>>>> 97b861c (removing tz info gem)
=======
   2.0.1
>>>>>>> 1d7b216 (changing bundler)
=======
   2.0.2
>>>>>>> 5800bef (regenerated lockfiles with bundler 2.0.2)
